GEM
  remote: https://rubygems.org/
  specs:
    date (3.0.1)
    faraday (1.0.1)
      multipart-post (>= 1.2, < 3)
    mini_portile2 (2.4.0)
    multipart-post (2.1.1)
    nokogiri (1.10.10)
      mini_portile2 (~> 2.4.0)

PLATFORMS
  ruby

DEPENDENCIES
  date
  faraday
  nokogiri

BUNDLED WITH
   2.1.4
