GEM
  remote: https://rubygems.org/
  specs:
    date (3.0.1)
    diff-lcs (1.4.4)
    faraday (1.0.1)
      multipart-post (>= 1.2, < 3)
    mini_portile2 (2.4.0)
    multipart-post (2.1.1)
    nokogiri (1.10.10)
      mini_portile2 (~> 2.4.0)
    rspec (3.9.0)
      rspec-core (~> 3.9.0)
      rspec-expectations (~> 3.9.0)
      rspec-mocks (~> 3.9.0)
    rspec-core (3.9.2)
      rspec-support (~> 3.9.3)
    rspec-expectations (3.9.2)
      diff-lcs (>= 1.2.0, < 2.0)
      rspec-support (~> 3.9.0)
    rspec-mocks (3.9.1)
      diff-lcs (>= 1.2.0, < 2.0)
      rspec-support (~> 3.9.0)
    rspec-support (3.9.3)

PLATFORMS
  ruby

DEPENDENCIES
  bundler
  date
  faraday
  nokogiri
  rspec

BUNDLED WITH
   2.1.4
